GEM
  remote: https://rubygems.org/
  specs:
    CFPropertyList (2.2.8)
    arr-pm (0.0.9)
      cabin (> 0)
    backports (3.6.0)
    bump (0.5.0)
    cabin (0.6.1)
    childprocess (0.5.3)
      ffi (~> 1.0, >= 1.0.11)
    clamp (0.6.3)
    daemons (1.1.9)
    dotenv (0.11.1)
      dotenv-deployment (~> 0.0.2)
    dotenv-deployment (0.0.2)
    eventmachine (1.0.3)
    facter (2.1.0)
      CFPropertyList (~> 2.2.6)
    ffi (1.9.3)
    ffi (1.9.3-java)
    foreman (0.74.0)
      dotenv (~> 0.11.1)
      thor (~> 0.19.1)
    fpm (1.1.0)
      arr-pm (~> 0.0.9)
      backports (>= 2.6.2)
      cabin (>= 0.6.0)
      childprocess
      clamp (~> 0.6)
      ffi
      json (>= 1.7.7)
    json (1.8.1)
    json (1.8.1-java)
    mime-types (2.3)
    mixlib-log (1.6.0)
    mixlib-shellout (1.4.0)
    netrc (0.7.7)
    pkgr (1.3.2)
      facter
      fpm
      mixlib-log
      mixlib-shellout
      rake
      thor
    rack (1.5.2)
    rake (10.3.2)
    rest-client (1.7.2)
      mime-types (>= 1.16, < 3.0)
      netrc (~> 0.7)
    shotgun (0.9)
      rack (>= 1.0)
    thin (1.6.2)
      daemons (>= 1.0.9)
      eventmachine (>= 1.0.0)
      rack (>= 1.0.0)
    thor (0.19.1)

PLATFORMS
  java
  ruby

DEPENDENCIES
  bump
  foreman
  pkgr
  rack
  rest-client
  shotgun
  thin
