GEM
  remote: https://rubygems.org/
  specs:
    mime-types (2.3)
    netrc (0.7.7)
    rack (1.5.2)
    rest-client (1.7.2)
      mime-types (>= 1.16, < 3.0)
      netrc (~> 0.7)
    shotgun (0.9)
      rack (>= 1.0)

PLATFORMS
  ruby

DEPENDENCIES
  rack
  rest-client
  shotgun
